GEM
  remote: https://rubygems.org/
  specs:
    json (1.8.0)
    mini_portile (0.5.0)
    minitest (5.0.6)
    nokogiri (1.6.0)
      mini_portile (~> 0.5.0)
    rack (1.5.2)
    rack-protection (1.5.0)
      rack
    rake (0.9.6)
    sinatra (1.4.3)
      rack (~> 1.4)
      rack-protection (~> 1.4)
      tilt (~> 1.3, >= 1.3.4)
    tilt (1.4.1)

PLATFORMS
  ruby

DEPENDENCIES
  json (~> 1.8)
  minitest (~> 5.0)
  nokogiri (~> 1.6)
  rake (~> 0.9)
  sinatra (~> 1.4)
