GEM
  remote: https://rubygems.org/
  specs:
    addressable (2.5.1)
      public_suffix (~> 2.0, >= 2.0.2)
    crack (0.4.3)
      safe_yaml (~> 1.0.0)
    hashdiff (0.3.4)
    mini_portile2 (2.2.0)
    minitest (5.10.2)
    multi_json (1.12.1)
    nokogiri (1.8.0)
      mini_portile2 (~> 2.2.0)
    posix-spawn (0.3.13)
    public_suffix (2.0.5)
    pygments.rb (0.6.3)
      posix-spawn (~> 0.3.6)
      yajl-ruby (~> 1.2.0)
    rack (1.6.8)
    rack-protection (1.5.3)
      rack
    rack-test (0.7.0)
      rack (>= 1.0, < 3)
    rake (10.5.0)
    redcarpet (3.4.0)
    safe_yaml (1.0.4)
    sinatra (1.4.8)
      rack (~> 1.5)
      rack-protection (~> 1.4)
      tilt (>= 1.3, < 3)
    sinatra-jsonp (0.4.4)
      multi_json (~> 1.8)
      sinatra (~> 1.0)
    tilt (2.0.7)
    vcr (2.9.3)
    webmock (1.24.6)
      addressable (>= 2.3.6)
      crack (>= 0.3.2)
      hashdiff
    yajl-ruby (1.2.2)

PLATFORMS
  ruby

DEPENDENCIES
  minitest (~> 5.5)
  nokogiri (~> 1.6)
  pygments.rb (~> 0.6)
  rack-test (~> 0.6)
  rake (~> 10.0)
  redcarpet (~> 3.0)
  sinatra (~> 1.4)
  sinatra-jsonp (~> 0.4)
  vcr (~> 2.9)
  webmock (~> 1.2)

RUBY VERSION
   ruby 2.4.1p111

BUNDLED WITH
   1.15.1
